GIT
  remote: https://github.com/Pixate/RubyMotion-Pixate.git
  revision: 2fc91946929ff7943e36fa84f97a5f04b051e2d6
  specs:
    motion-pixate (2.0)
      sass

GEM
  remote: https://rubygems.org/
  specs:
    activesupport (3.2.14)
      i18n (~> 0.6, >= 0.6.4)
      multi_json (~> 1.0)
    bubble-wrap (1.3.0)
    builder (3.2.2)
    cdq (0.1.7)
      motion-yaml
      ruby-xcdm (~> 0.0, >= 0.0.6)
    claide (0.3.2)
    cocoapods (0.25.0)
      activesupport (~> 3.0)
      claide (~> 0.3.2)
      cocoapods-core (= 0.25.0)
      cocoapods-downloader (~> 0.2.0)
      colored (~> 1.2)
      escape (~> 0.0.4)
      json (~> 1.8)
      open4 (~> 1.3)
      xcodeproj (~> 0.11.0)
    cocoapods-core (0.25.0)
      activesupport (~> 3.0)
      json (~> 1.8)
      nap (~> 0.5)
    cocoapods-downloader (0.2.0)
    colored (1.2)
    escape (0.0.4)
    i18n (0.6.5)
    ib (0.3.5)
      thor (>= 0.15.4)
      tilt (>= 1.4.1)
      xcodeproj (>= 0.11.1)
    json (1.8.0)
    motion-cocoapods (1.3.7)
      cocoapods (>= 0.17.0)
    motion-hpple (0.3.1)
      motion-cocoapods (>= 1.3.0.rc1)
    motion-yaml (1.2)
    multi_json (1.8.0)
    nap (0.5.1)
    open4 (1.3.0)
    plist (3.1.0)
    rake (10.1.0)
    ruby-xcdm (0.0.6)
      activesupport (~> 3.2)
      builder (~> 3.2)
      plist (~> 3.1)
    sass (3.2.12)
    sugarcube (1.1.0)
    thor (0.18.1)
    tilt (1.4.1)
    xcodeproj (0.11.1)
      activesupport (~> 3.0)
      colored (~> 1.2)

PLATFORMS
  ruby

DEPENDENCIES
  bubble-wrap (~> 1.3.0)
  cdq
  ib
  motion-cocoapods
  motion-hpple
  motion-pixate!
  rake
  ruby-xcdm
  sugarcube
