GEM
  remote: https://rubygems.org/
  specs:
    activesupport (3.2.18)
      i18n (~> 0.6, >= 0.6.4)
      multi_json (~> 1.0)
    bubble-wrap (1.3.0)
    builder (3.2.2)
    cdq (0.1.8)
      motion-yaml
      ruby-xcdm (~> 0.0, >= 0.0.6)
    claide (0.5.0)
    cocoapods (0.32.1)
      activesupport (>= 3.2.15, < 4)
      claide (~> 0.5.0)
      cocoapods-core (= 0.32.1)
      cocoapods-downloader (~> 0.5.0)
      cocoapods-try (~> 0.2.0)
      colored (~> 1.2)
      escape (~> 0.0.4)
      json_pure (~> 1.8)
      nap (~> 0.7)
      open4 (~> 1.3)
      xcodeproj (~> 0.16.1)
    cocoapods-core (0.32.1)
      activesupport (>= 3.2.15, < 4)
      fuzzy_match (~> 2.0.4)
      json_pure (~> 1.8)
      nap (~> 0.5)
    cocoapods-downloader (0.5.0)
    cocoapods-try (0.2.0)
    colored (1.2)
    escape (0.0.4)
    fuzzy_match (2.0.4)
    i18n (0.6.9)
    ib (0.4.7)
      thor (~> 0.15.4)
      tilt (~> 1.4.1)
      xcodeproj (~> 0.16.0)
    json_pure (1.8.1)
    motion-cocoapods (1.5.0)
      cocoapods (>= 0.32.1)
    motion-hpple (0.3.1)
      motion-cocoapods (>= 1.3.0.rc1)
    motion-pixatefreestyle (2.1)
      sass
    motion-yaml (1.2)
    multi_json (1.10.0)
    nap (0.7.0)
    open4 (1.3.4)
    plist (3.1.0)
    rake (10.3.2)
    ruby-xcdm (0.0.7)
      activesupport (~> 3.2)
      builder (~> 3.2)
      plist (~> 3.1)
    sass (3.3.7)
    sugarcube (1.6.1)
    thor (0.15.4)
    tilt (1.4.1)
    xcodeproj (0.16.1)
      activesupport (~> 3.0)
      colored (~> 1.2)

PLATFORMS
  ruby

DEPENDENCIES
  bubble-wrap (~> 1.3.0)
  cdq
  ib
  motion-cocoapods
  motion-hpple
  motion-pixatefreestyle
  rake
  ruby-xcdm
  sugarcube
