GEM
  remote: https://rubygems.org/
  specs:
    activesupport (3.2.14)
      i18n (~> 0.6, >= 0.6.4)
      multi_json (~> 1.0)
    bubble-wrap (1.3.0)
    colored (1.2)
    i18n (0.6.5)
    ib (0.3.4)
      thor (>= 0.15.4)
      xcodeproj (>= 0.11.0)
    multi_json (1.8.0)
    rake (10.1.0)
    thor (0.18.1)
    xcodeproj (0.11.1)
      activesupport (~> 3.0)
      colored (~> 1.2)

PLATFORMS
  ruby

DEPENDENCIES
  bubble-wrap (~> 1.3.0)
  ib
  rake
